PATH
  remote: .
  specs:
    basic_yahoo_finance (0.5.4)
      net-http-persistent (~> 4.0, >= 4.0.2)

GEM
  remote: https://rubygems.org/
  specs:
    ast (2.4.2)
    connection_pool (2.4.1)
    docile (1.4.0)
    json (2.6.3)
    minitest (5.25.5)
    minitest-emoji (2.0.0)
    net-http-persistent (4.0.2)
      connection_pool (~> 2.2)
    parallel (1.23.0)
    parser (3.2.2.1)
      ast (~> 2.4.1)
    rainbow (3.1.1)
    rake (13.0.6)
    regexp_parser (2.8.0)
    rexml (3.2.5)
    rubocop (1.50.2)
      json (~> 2.3)
      parallel (~> 1.10)
      parser (>= 3.2.0.0)
      rainbow (>= 2.2.2, < 4.0)
      regexp_parser (>= 1.8, < 3.0)
      rexml (>= 3.2.5, < 4.0)
      rubocop-ast (>= 1.28.0, < 2.0)
      ruby-progressbar (~> 1.7)
      unicode-display_width (>= 2.4.0, < 3.0)
    rubocop-ast (1.28.1)
      parser (>= 3.2.1.0)
    ruby-progressbar (1.13.0)
    simplecov (0.22.0)
      docile (~> 1.1)
      simplecov-html (~> 0.11)
      simplecov_json_formatter (~> 0.1)
    simplecov-formatter-badge (0.1.1)
    simplecov-html (0.12.3)
    simplecov_json_formatter (0.1.4)
    unicode-display_width (2.4.2)

PLATFORMS
  arm64-darwin-22
  arm64-darwin-24
  x86_64-linux

DEPENDENCIES
  basic_yahoo_finance!
  minitest (~> 5.0)
  minitest-emoji (~> 2.0)
  net-http-persistent (~> 4.0, >= 4.0.2)
  rake (~> 13.0)
  rubocop (~> 1.50)
  simplecov
  simplecov-formatter-badge

BUNDLED WITH
   2.4.12
