PATH
  remote: .
  specs:
    basic_yahoo_finance (0.5.4)
      net-http-persistent (~> 4.0, >= 4.0.2)

GEM
  remote: https://rubygems.org/
  specs:
    ast (2.4.3)
    connection_pool (2.5.0)
    docile (1.4.1)
    json (2.10.2)
    language_server-protocol (3.17.0.4)
    lint_roller (1.1.0)
    minitest (5.25.5)
    minitest-emoji (2.0.0)
    net-http-persistent (4.0.5)
      connection_pool (~> 2.2)
    parallel (1.26.3)
    parser (3.3.7.3)
      ast (~> 2.4.1)
      racc
    prism (1.4.0)
    racc (1.8.1)
    rainbow (3.1.1)
    rake (13.2.1)
    regexp_parser (2.10.0)
    rubocop (1.75.1)
      json (~> 2.3)
      language_server-protocol (~> 3.17.0.2)
      lint_roller (~> 1.1.0)
      parallel (~> 1.10)
      parser (>= 3.3.0.2)
      rainbow (>= 2.2.2, < 4.0)
      regexp_parser (>= 2.9.3, < 3.0)
      rubocop-ast (>= 1.43.0, < 2.0)
      ruby-progressbar (~> 1.7)
      unicode-display_width (>= 2.4.0, < 4.0)
    rubocop-ast (1.43.0)
      parser (>= 3.3.7.2)
      prism (~> 1.4)
    ruby-progressbar (1.13.0)
    simplecov (0.22.0)
      docile (~> 1.1)
      simplecov-html (~> 0.11)
      simplecov_json_formatter (~> 0.1)
    simplecov-formatter-badge (0.1.1)
    simplecov-html (0.13.1)
    simplecov_json_formatter (0.1.4)
    unicode-display_width (3.1.4)
      unicode-emoji (~> 4.0, >= 4.0.4)
    unicode-emoji (4.0.4)

PLATFORMS
  arm64-darwin-22
  arm64-darwin-24
  x86_64-linux

DEPENDENCIES
  basic_yahoo_finance!
  minitest (~> 5.0)
  minitest-emoji (~> 2.0)
  net-http-persistent (~> 4.0, >= 4.0.2)
  rake (~> 13.1)
  rubocop (~> 1.60)
  simplecov
  simplecov-formatter-badge

BUNDLED WITH
   2.4.19
